GEM
  remote: http://ruby.taobao.org/
  specs:
    activemodel (4.1.4)
      activesupport (= 4.1.4)
      builder (~> 3.1)
    activesupport (4.1.4)
      i18n (~> 0.6, >= 0.6.9)
      json (~> 1.7, >= 1.7.7)
      minitest (~> 5.1)
      thread_safe (~> 0.1)
      tzinfo (~> 1.1)
    bson (1.10.2)
    bson_ext (1.10.2)
      bson (~> 1.10.2)
    builder (3.2.2)
    celluloid (0.15.2)
      timers (~> 1.1.0)
    connection_pool (2.0.0)
    haml (4.0.5)
      tilt
    http_router (0.11.1)
      rack (>= 1.0.0)
      url_mount (~> 0.2.1)
    i18n (0.6.11)
    json (1.8.1)
    kgio (2.9.2)
    mail (2.5.4)
      mime-types (~> 1.16)
      treetop (~> 1.4.8)
    mime-types (1.25.1)
    minitest (5.4.0)
    moneta (0.7.20)
    mongo (1.10.2)
      bson (= 1.10.2)
    mongo_mapper (0.13.0)
      activemodel (>= 3.0.0)
      activesupport (>= 3.0)
      mongo (~> 1.8)
      plucky (~> 0.6.5)
    multi_json (1.10.1)
    padrino (0.12.2)
      padrino-admin (= 0.12.2)
      padrino-cache (= 0.12.2)
      padrino-core (= 0.12.2)
      padrino-gen (= 0.12.2)
      padrino-helpers (= 0.12.2)
      padrino-mailer (= 0.12.2)
      padrino-support (= 0.12.2)
    padrino-admin (0.12.2)
      padrino-core (= 0.12.2)
      padrino-helpers (= 0.12.2)
    padrino-cache (0.12.2)
      moneta (~> 0.7.0)
      padrino-core (= 0.12.2)
      padrino-helpers (= 0.12.2)
    padrino-core (0.12.2)
      activesupport (>= 3.1)
      http_router (~> 0.11.0)
      padrino-support (= 0.12.2)
      rack-protection (>= 1.5.0)
      sinatra (~> 1.4.2)
      thor (~> 0.18.0)
    padrino-gen (0.12.2)
      bundler (~> 1.0)
      padrino-core (= 0.12.2)
    padrino-helpers (0.12.2)
      i18n (~> 0.6, >= 0.6.7)
      padrino-support (= 0.12.2)
      tilt (~> 1.4.1)
    padrino-mailer (0.12.2)
      mail (~> 2.5.3)
      padrino-core (= 0.12.2)
    padrino-support (0.12.2)
      activesupport (>= 3.1)
    plucky (0.6.6)
      mongo (~> 1.5)
    polyglot (0.3.5)
    rack (1.5.2)
    rack-protection (1.5.3)
      rack
    raindrops (0.13.0)
    rake (10.3.2)
    redis (3.1.0)
    redis-namespace (1.5.0)
      redis (~> 3.0, >= 3.0.4)
    sidekiq (3.1.4)
      celluloid (>= 0.15.2)
      connection_pool (>= 2.0.0)
      json
      redis (>= 3.0.6)
      redis-namespace (>= 1.3.1)
    sinatra (1.4.5)
      rack (~> 1.4)
      rack-protection (~> 1.4)
      tilt (~> 1.3, >= 1.3.4)
    thor (0.18.1)
    thread_safe (0.3.4)
    tilt (1.4.1)
    timers (1.1.0)
    treetop (1.4.15)
      polyglot
      polyglot (>= 0.3.1)
    tzinfo (1.2.2)
      thread_safe (~> 0.1)
    unicorn (4.8.3)
      kgio (~> 2.6)
      rack
      raindrops (~> 0.7)
    url_mount (0.2.1)
      rack

PLATFORMS
  ruby

DEPENDENCIES
  activesupport
  bson
  bson_ext
  haml
  mongo
  mongo_mapper
  multi_json
  padrino (= 0.12.2)
  rake
  sidekiq (~> 3.1.4)
  unicorn
